{
  "AcquisitionMatrixPE": 120,
  "AcquisitionNumber": 1,
  "AcquisitionTime": "15:25:36.387500",
  "BandwidthPerPixelPhaseEncode": 30.864,
  "BaseResolution": 120,
  "BodyPartExamined": "BRAIN",
  "CoilCombinationMethod": "Sum of Squares",
  "ConsistencyInfo": "N4_VE11E_LATEST_20181129",
  "ConversionSoftware": "dcm2niix",
  "ConversionSoftwareVersion": "v1.0.20220720",
  "DerivedVendorReportedEchoSpacing": 0.000540003,
  "DeviceSerialNumber": "166048",
  "DwellTime": 1.9e-06,
  "EchoTime": 0.0844,
  "EchoTrainLength": 59,
  "EffectiveEchoSpacing": 0.000270002,
  "FlipAngle": 90,
  "HeudiconvVersion": "0.13.1",
  "ImageComments": "Unaliased MB3/PE4 SENSE1",
  "ImageOrientationPatientDICOM": [0.997567, 0.00182403, 0.0696833, -4.10874e-09, 0.999658, -0.0261669],
  "ImageOrientationText": "Tra>Sag(4.0)>Cor(-1.5)",
  "ImageType": [
    "ORIGINAL",
    "PRIMARY",
    "M",
    "MB",
    "ND",
    "MOSAIC"
],
  "ImagingFrequency": 123.256,
  "InPlanePhaseEncodingDirectionDICOM": "COL",
  "InstitutionAddress": "North 13th 1701,Philadelphia,PA,US,19122",
  "InstitutionName": "Temple University",
  "InstitutionalDepartmentName": "Department",
  "IntendedFor": [
    "dwi/sub-10418_dwi.nii.gz"
],
  "MRAcquisitionType": "2D",
  "MagneticFieldStrength": 3,
  "Manufacturer": "Siemens",
  "ManufacturersModelName": "Prisma",
  "MatrixCoilMode": "GRAPPA",
  "Modality": "MR",
  "MultibandAccelerationFactor": 3,
  "NonlinearGradientCorrection": false,
  "ParallelReductionFactorInPlane": 2,
  "PartialFourier": 1,
  "PatientPosition": "HFS",
  "PercentPhaseFOV": 100,
  "PercentSampling": 100,
  "PhaseEncodingDirection": "j",
  "PhaseEncodingSteps": 119,
  "PhaseResolution": 1,
  "PixelBandwidth": 2195,
  "ProcedureStepDescription": "Smith Lab^SRA",
  "ProtocolName": "cmrr_fieldmapse_pa",
  "PulseSequenceDetails": "%CustomerSeq%\\cmrr_mbep2d_se",
  "ReceiveCoilActiveElements": "HE1-4",
  "ReceiveCoilName": "HeadNeck_20",
  "ReconMatrixPE": 120,
  "RefLinesPE": 24,
  "RepetitionTime": 2.702,
  "SAR": 0.157882,
  "ScanOptions": "FS",
  "ScanningSequence": "EP",
  "SequenceName": "epse2d1_120",
  "SequenceVariant": "SK",
  "SeriesDescription": "cmrr_fieldmapse_pa",
  "SeriesNumber": 40,
  "ShimSetting": [3037, -11841, 6830, 243, -94, -87, 110, -7],
  "SliceThickness": 2,
  "SliceTiming": [0, 1.4, 0.1175, 1.515, 0.2325, 1.6325, 0.35, 1.75, 0.4675, 1.865, 0.5825, 1.9825, 0.7, 2.1, 0.8175, 2.215, 0.9325, 2.3325, 1.05, 2.45, 1.1675, 2.565, 1.2825, 0, 1.4, 0.1175, 1.515, 0.2325, 1.6325, 0.35, 1.75, 0.4675, 1.865, 0.5825, 1.9825, 0.7, 2.1, 0.8175, 2.215, 0.9325, 2.3325, 1.05, 2.45, 1.1675, 2.565, 1.2825, 0, 1.4, 0.1175, 1.515, 0.2325, 1.6325, 0.35, 1.75, 0.4675, 1.865, 0.5825, 1.9825, 0.7, 2.1, 0.8175, 2.215, 0.9325, 2.3325, 1.05, 2.45, 1.1675, 2.565, 1.2825],
  "SoftwareVersions": "syngo MR E11",
  "SpacingBetweenSlices": 2,
  "StationName": "AWP166048",
  "TotalReadoutTime": 0.0321302,
  "TxRefAmp": 328.062,
  "WipMemBlock": "849f7adb-c796-427d-8f21-26e07c4ecd41||Sequence: R016 ve11e/master r/434b28f1; Aug  7 2019 19:20:16 by eja"
}