{
  "AcquisitionMatrixPE": 80,
  "AcquisitionNumber": 1,
  "AcquisitionTime": "13:04:30.567500",
  "BaseResolution": 80,
  "BodyPartExamined": "BRAIN",
  "CoilCombinationMethod": "Sum of Squares",
  "ConsistencyInfo": "N4_VE11E_LATEST_20181129",
  "ConversionSoftware": "dcm2niix",
  "ConversionSoftwareVersion": "v1.0.20220720",
  "DeviceSerialNumber": "166048",
  "DwellTime": 1.78e-05,
  "EchoNumber": 2,
  "EchoTime": 0.00738,
  "FlipAngle": 60,
  "HeudiconvVersion": "0.13.1",
  "ImageOrientationPatientDICOM": [1, 0, 0, 0, 0.980271, -0.197657],
  "ImageOrientationText": "Tra>Cor(-11.4)",
  "ImageType": [
    "ORIGINAL",
    "PRIMARY",
    "M",
    "ND",
    "NORM"
],
  "ImagingFrequency": 123.256,
  "InPlanePhaseEncodingDirectionDICOM": "COL",
  "InstitutionAddress": "North 13th 1701,Philadelphia,PA,US,19122",
  "InstitutionName": "Temple University",
  "InstitutionalDepartmentName": "Department",
  "IntendedFor": [
    "func/sub-10462_task-doors_run-1_echo-1_bold.nii.gz",
    "func/sub-10462_task-doors_run-1_echo-2_bold.nii.gz",
    "func/sub-10462_task-doors_run-1_echo-3_bold.nii.gz",
    "func/sub-10462_task-doors_run-1_echo-4_bold.nii.gz",
    "func/sub-10462_task-sharedreward_run-1_echo-1_bold.nii.gz",
    "func/sub-10462_task-sharedreward_run-1_echo-2_bold.nii.gz",
    "func/sub-10462_task-sharedreward_run-1_echo-3_bold.nii.gz",
    "func/sub-10462_task-sharedreward_run-1_echo-4_bold.nii.gz",
    "func/sub-10462_task-socialdoors_run-1_echo-1_bold.nii.gz",
    "func/sub-10462_task-socialdoors_run-1_echo-2_bold.nii.gz",
    "func/sub-10462_task-socialdoors_run-1_echo-3_bold.nii.gz",
    "func/sub-10462_task-socialdoors_run-1_echo-4_bold.nii.gz",
    "func/sub-10462_task-trust_run-1_echo-1_bold.nii.gz",
    "func/sub-10462_task-trust_run-1_echo-2_bold.nii.gz",
    "func/sub-10462_task-trust_run-1_echo-3_bold.nii.gz",
    "func/sub-10462_task-trust_run-1_echo-4_bold.nii.gz",
    "func/sub-10462_task-ugr_run-1_echo-1_bold.nii.gz",
    "func/sub-10462_task-ugr_run-1_echo-2_bold.nii.gz",
    "func/sub-10462_task-ugr_run-1_echo-3_bold.nii.gz",
    "func/sub-10462_task-ugr_run-1_echo-4_bold.nii.gz",
    "func/sub-10462_task-ugr_run-2_echo-1_bold.nii.gz",
    "func/sub-10462_task-ugr_run-2_echo-2_bold.nii.gz",
    "func/sub-10462_task-ugr_run-2_echo-3_bold.nii.gz",
    "func/sub-10462_task-ugr_run-2_echo-4_bold.nii.gz"
],
  "MRAcquisitionType": "2D",
  "MagneticFieldStrength": 3,
  "Manufacturer": "Siemens",
  "ManufacturersModelName": "Prisma",
  "MatrixCoilMode": "SENSE",
  "Modality": "MR",
  "NonlinearGradientCorrection": false,
  "PartialFourier": 1,
  "PatientPosition": "HFS",
  "PercentPhaseFOV": 100,
  "PercentSampling": 100,
  "PhaseEncodingDirection": "j-",
  "PhaseEncodingSteps": 80,
  "PhaseResolution": 1,
  "PixelBandwidth": 350,
  "ProcedureStepDescription": "Smith Lab^SRA",
  "ProtocolName": "fmap_gre_field_mapping_2p8iso",
  "PulseSequenceDetails": "%SiemensSeq%\\gre_field_mapping",
  "ReceiveCoilActiveElements": "HE1-4;NE1,2",
  "ReceiveCoilName": "HeadNeck_20",
  "ReconMatrixPE": 80,
  "RepetitionTime": 0.645,
  "SAR": 0.126484,
  "ScanningSequence": "GR",
  "SequenceName": "*fm2d2r",
  "SequenceVariant": "SP",
  "SeriesDescription": "fmap_gre_field_mapping_2p8iso",
  "SeriesNumber": 5,
  "ShimSetting": [3046, -11809, 6803, 217, 12, -136, -8, 20],
  "SliceThickness": 2.7,
  "SliceTiming": [0.32812, 0, 0.33594, 0.01562, 0.35156, 0.03125, 0.35938, 0.03906, 0.375, 0.04688, 0.38281, 0.0625, 0.39844, 0.07812, 0.41406, 0.08594, 0.42188, 0.10156, 0.42969, 0.10938, 0.44531, 0.125, 0.46094, 0.13281, 0.46875, 0.14844, 0.47656, 0.15625, 0.49219, 0.17188, 0.50781, 0.17969, 0.51562, 0.19531, 0.53125, 0.20312, 0.53906, 0.21875, 0.55469, 0.22656, 0.5625, 0.24219, 0.57812, 0.25781, 0.58594, 0.26562, 0.60156, 0.28125, 0.60938, 0.28906, 0.625, 0.30469, 0.63281, 0.3125],
  "SoftwareVersions": "syngo MR E11",
  "SpacingBetweenSlices": 2.97,
  "StationName": "AWP166048",
  "TxRefAmp": 293.595}